GIT
  remote: git://github.com/radar/by_star
  revision: f3412a7ffb015df7ced6aa662a53a53e081611a0
  specs:
    by_star (4.0.0)
      activesupport (>= 3.2.0)

GIT
  remote: https://github.com/werthen/words_counted
  revision: 735357e4d530c99d5c4c366d0c246ebffffd80de
  specs:
    words_counted (1.0.2)

GEM
  remote: https://rubygems.org/
  specs:
    Ascii85 (1.1.0)
    actioncable (6.0.4.1)
      actionpack (= 6.0.4.1)
      nio4r (~> 2.0)
      websocket-driver (>= 0.6.1)
    actionmailbox (6.0.4.1)
      actionpack (= 6.0.4.1)
      activejob (= 6.0.4.1)
      activerecord (= 6.0.4.1)
      activestorage (= 6.0.4.1)
      activesupport (= 6.0.4.1)
      mail (>= 2.7.1)
    actionmailer (6.0.4.1)
      actionpack (= 6.0.4.1)
      actionview (= 6.0.4.1)
      activejob (= 6.0.4.1)
      mail (~> 2.5, >= 2.5.4)
      rails-dom-testing (~> 2.0)
    actionpack (6.0.4.1)
      actionview (= 6.0.4.1)
      activesupport (= 6.0.4.1)
      rack (~> 2.0, >= 2.0.8)
      rack-test (>= 0.6.3)
      rails-dom-testing (~> 2.0)
      rails-html-sanitizer (~> 1.0, >= 1.2.0)
    actiontext (6.0.4.1)
      actionpack (= 6.0.4.1)
      activerecord (= 6.0.4.1)
      activestorage (= 6.0.4.1)
      activesupport (= 6.0.4.1)
      nokogiri (>= 1.8.5)
    actionview (6.0.4.1)
      activesupport (= 6.0.4.1)
      builder (~> 3.1)
      erubi (~> 1.4)
      rails-dom-testing (~> 2.0)
      rails-html-sanitizer (~> 1.1, >= 1.2.0)
    activejob (6.0.4.1)
      activesupport (= 6.0.4.1)
      globalid (>= 0.3.6)
    activemodel (6.0.4.1)
      activesupport (= 6.0.4.1)
    activerecord (6.0.4.1)
      activemodel (= 6.0.4.1)
      activesupport (= 6.0.4.1)
    activestorage (6.0.4.1)
      actionpack (= 6.0.4.1)
      activejob (= 6.0.4.1)
      activerecord (= 6.0.4.1)
      marcel (~> 1.0.0)
    activesupport (6.0.4.1)
      concurrent-ruby (~> 1.0, >= 1.0.2)
      i18n (>= 0.7, < 2)
      minitest (~> 5.1)
      tzinfo (~> 1.1)
      zeitwerk (~> 2.2, >= 2.2.2)
    acts-as-taggable-on (8.1.0)
      activerecord (>= 5.0, < 6.2)
    acts_as_list (1.0.4)
      activerecord (>= 4.2)
    addressable (2.8.0)
      public_suffix (>= 2.0.2, < 5.0)
    afm (0.2.2)
    archive-zip (0.12.0)
      io-like (~> 0.3.0)
    autoprefixer-rails (10.3.3.0)
      execjs (~> 2)
    babel-source (5.8.35)
    babel-transpiler (0.7.0)
      babel-source (>= 4.0, < 6)
      execjs (~> 2.0)
    bcrypt (3.1.16)
    better_errors (2.9.1)
      coderay (>= 1.0.0)
      erubi (>= 1.0.0)
      rack (>= 0.9.0)
    bindex (0.8.1)
    binding_of_caller (1.0.0)
      debug_inspector (>= 0.0.1)
    bootsnap (1.9.0)
      msgpack (~> 1.0)
    bootstrap-sass (3.4.1)
      autoprefixer-rails (>= 5.2.1)
      sassc (>= 2.0.0)
    bootstrap-toggle-rails (2.2.1.0)
    bootstrap_form (4.5.0)
      actionpack (>= 5.2)
      activemodel (>= 5.2)
    builder (3.2.4)
    byebug (11.1.3)
    capybara (3.35.3)
      addressable
      mini_mime (>= 0.1.3)
      nokogiri (~> 1.8)
      rack (>= 1.6.0)
      rack-test (>= 0.6.3)
      regexp_parser (>= 1.5, < 3.0)
      xpath (~> 3.2)
    chartkick (4.0.5)
    childprocess (3.0.0)
    cli (1.3.1)
    code_analyzer (0.5.2)
      sexp_processor
    coderay (1.1.3)
    coffee-rails (4.2.2)
      coffee-script (>= 2.2.0)
      railties (>= 4.0.0)
    coffee-script (2.4.1)
      coffee-script-source
      execjs
    coffee-script-source (1.12.2)
    concurrent-ruby (1.1.9)
    connection_pool (2.2.5)
    countries (4.0.1)
      i18n_data (~> 0.13.0)
      sixarm_ruby_unaccent (~> 1.1)
    country_select (6.0.0)
      countries (~> 4.0)
      sort_alphabetical (~> 1.1)
    crass (1.0.6)
    datagrid (1.6.3)
      rails (>= 4.0)
    debug_inspector (1.1.0)
    devise (4.7.3)
      bcrypt (~> 3.0)
      orm_adapter (~> 0.1)
      railties (>= 4.1.0)
      responders
      warden (~> 1.2.3)
    docile (1.4.0)
    dotenv (2.7.6)
    dotenv-rails (2.7.6)
      dotenv (= 2.7.6)
      railties (>= 3.2)
    e2mmap (0.1.0)
    erubi (1.10.0)
    erubis (2.7.0)
    et-orbi (1.2.5)
      tzinfo
    execjs (2.8.1)
    ffi (1.15.4)
    font-awesome-rails (4.7.0.7)
      railties (>= 3.2, < 7)
    font-awesome-sass (5.5.0.1)
      sassc (>= 1.11)
    formatador (0.3.0)
    fugit (1.5.2)
      et-orbi (~> 1.1, >= 1.1.8)
      raabro (~> 1.4)
    geckodriver-helper (0.24.0)
      archive-zip (~> 0.7)
    gepub (1.0.14)
      nokogiri (>= 1.8.2, < 1.13)
      rubyzip (> 1.1.1, < 2.4)
    globalid (0.5.2)
      activesupport (>= 5.0)
    guard (2.18.0)
      formatador (>= 0.2.4)
      listen (>= 2.7, < 4.0)
      lumberjack (>= 1.0.12, < 2.0)
      nenv (~> 0.1)
      notiffany (~> 0.0)
      pry (>= 0.13.0)
      shellany (~> 0.0)
      thor (>= 0.18.1)
    guard-compat (1.2.1)
    guard-minitest (2.4.6)
      guard-compat (~> 1.2)
      minitest (>= 3.0)
    guard-rails (0.8.1)
      guard (~> 2.11)
      guard-compat (~> 1.0)
    hashery (2.1.2)
    heavens_door (0.3.0)
    i18n (1.8.10)
      concurrent-ruby (~> 1.0)
    i18n_data (0.13.0)
    image_processing (1.12.1)
      mini_magick (>= 4.9.5, < 5)
      ruby-vips (>= 2.0.17, < 3)
    innertube (1.1.0)
    io-like (0.3.1)
    jbuilder (2.11.2)
      activesupport (>= 5.0.0)
    joiner (0.5.0)
      activerecord (>= 6.0.0.rc2)
    jquery-rails (4.4.0)
      rails-dom-testing (>= 1, < 3)
      railties (>= 4.2.0)
      thor (>= 0.14, < 2.0)
    jquery-ui-rails (6.0.1)
      railties (>= 3.2.16)
    json (2.5.1)
    kaminari (1.2.1)
      activesupport (>= 4.1.0)
      kaminari-actionview (= 1.2.1)
      kaminari-activerecord (= 1.2.1)
      kaminari-core (= 1.2.1)
    kaminari-actionview (1.2.1)
      actionview
      kaminari-core (= 1.2.1)
    kaminari-activerecord (1.2.1)
      activerecord
      kaminari-core (= 1.2.1)
    kaminari-core (1.2.1)
    launchy (2.5.0)
      addressable (~> 2.7)
    listen (3.0.8)
      rb-fsevent (~> 0.9, >= 0.9.4)
      rb-inotify (~> 0.9, >= 0.9.7)
    loofah (2.12.0)
      crass (~> 1.0.2)
      nokogiri (>= 1.5.9)
    lumberjack (1.2.8)
    mail (2.7.1)
      mini_mime (>= 0.1.1)
    marcel (1.0.1)
    method_source (1.0.0)
    middleware (0.1.0)
    mini_magick (4.9.5)
    mini_mime (1.1.1)
    mini_portile2 (2.4.0)
    minitest (5.14.4)
    minitest-rails (6.0.1)
      minitest (~> 5.10)
      railties (~> 6.0.0)
    minitest-rails-capybara (0.0.2)
      capybara
      minitest-rails
    mocha (1.13.0)
    msgpack (1.4.2)
    mysql2 (0.5.3)
    namey (0.0.12)
      sequel (~> 4.48)
      sqlite3
    nenv (0.3.0)
    nio4r (2.5.8)
    nokogiri (1.12.4-x86_64-linux)
      racc (~> 1.4)
    notiffany (0.1.3)
      nenv (~> 0.1)
      shellany (~> 0.0)
    orm_adapter (0.5.0)
    pagy (4.11.0)
    pdf-reader (2.5.0)
      Ascii85 (~> 1.0)
      afm (~> 0.2.1)
      hashery (~> 2.0)
      ruby-rc4
      ttfunk
    popper_js (2.9.3)
    pry (0.14.1)
      coderay (~> 1.1)
      method_source (~> 1.0)
    public_suffix (4.0.6)
    puma (4.3.8)
      nio4r (~> 2.0)
    raabro (1.4.0)
    racc (1.5.2)
    rack (2.2.3)
    rack-proxy (0.7.0)
      rack
    rack-test (1.1.0)
      rack (>= 1.0, < 3)
    rails (6.0.4.1)
      actioncable (= 6.0.4.1)
      actionmailbox (= 6.0.4.1)
      actionmailer (= 6.0.4.1)
      actionpack (= 6.0.4.1)
      actiontext (= 6.0.4.1)
      actionview (= 6.0.4.1)
      activejob (= 6.0.4.1)
      activemodel (= 6.0.4.1)
      activerecord (= 6.0.4.1)
      activestorage (= 6.0.4.1)
      activesupport (= 6.0.4.1)
      bundler (>= 1.3.0)
      railties (= 6.0.4.1)
      sprockets-rails (>= 2.0.0)
    rails-bootstrap-tabs (0.2.7)
      rails (>= 3.2.11)
    rails-controller-testing (1.0.5)
      actionpack (>= 5.0.1.rc1)
      actionview (>= 5.0.1.rc1)
      activesupport (>= 5.0.1.rc1)
    rails-dom-testing (2.0.3)
      activesupport (>= 4.2.0)
      nokogiri (>= 1.6)
    rails-html-sanitizer (1.4.2)
      loofah (~> 2.3)
    rails_best_practices (1.21.0)
      activesupport
      code_analyzer (>= 0.5.2)
      erubis
      i18n
      json
      require_all (~> 3.0)
      ruby-progressbar
    rails_sortable (1.4.1)
    railties (6.0.4.1)
      actionpack (= 6.0.4.1)
      activesupport (= 6.0.4.1)
      method_source
      rake (>= 0.8.7)
      thor (>= 0.20.3, < 2.0)
    rake (13.0.6)
    ranked-model (0.4.7)
      activerecord (>= 4.2)
    rb-fsevent (0.11.0)
    rb-inotify (0.10.1)
      ffi (~> 1.0)
    react-rails (2.6.1)
      babel-transpiler (>= 0.7.0)
      connection_pool
      execjs
      railties (>= 3.2)
      tilt
    redis (4.4.0)
    regexp_parser (2.1.1)
    require_all (3.0.0)
    responders (3.0.1)
      actionpack (>= 5.0)
      railties (>= 5.0)
    rexml (3.2.5)
    riddle (2.4.2)
    rolify (6.0.0)
    ruby-progressbar (1.11.0)
    ruby-rc4 (0.1.5)
    ruby-vips (2.1.3)
      ffi (~> 1.12)
    rubyzip (2.3.2)
    rufus-scheduler (3.8.0)
      fugit (~> 1.1, >= 1.1.6)
    sass-rails (6.0.0)
      sassc-rails (~> 2.1, >= 2.1.1)
    sassc (2.4.0)
      ffi (~> 1.9)
    sassc-rails (2.1.2)
      railties (>= 4.0.0)
      sassc (>= 2.0)
      sprockets (> 3.0)
      sprockets-rails
      tilt
    selenium-webdriver (3.142.7)
      childprocess (>= 0.5, < 4.0)
      rubyzip (>= 1.2.2)
    sequel (4.49.0)
    sexp_processor (4.15.3)
    shellany (0.0.1)
    sidekiq (6.1.3)
      connection_pool (>= 2.2.2)
      rack (~> 2.0)
      redis (>= 4.2.0)
    sidekiq-client-cli (0.1.7)
      cli
      sidekiq (>= 2.15)
    sidekiq-scheduler (3.1.0)
      e2mmap
      redis (>= 3, < 5)
      rufus-scheduler (~> 3.2)
      sidekiq (>= 3)
      thwait
      tilt (>= 1.4.0)
    simple_form (5.1.0)
      actionpack (>= 5.2)
      activemodel (>= 5.2)
    simplecov (0.21.2)
      docile (~> 1.1)
      simplecov-html (~> 0.11)
      simplecov_json_formatter (~> 0.1)
    simplecov-html (0.12.3)
    simplecov_json_formatter (0.1.3)
    sixarm_ruby_unaccent (1.2.0)
    sort_alphabetical (1.1.0)
      unicode_utils (>= 1.2.2)
    spring (2.1.1)
    spring-watcher-listen (2.0.1)
      listen (>= 2.7, < 4.0)
      spring (>= 1.2, < 3.0)
    sprockets (4.0.2)
      concurrent-ruby (~> 1.0)
      rack (> 1, < 3)
    sprockets-rails (3.2.2)
      actionpack (>= 4.0)
      activesupport (>= 4.0)
      sprockets (>= 3.0.0)
    sqlite3 (1.4.2)
    thinking-sphinx (5.3.0)
      activerecord (>= 4.2.0)
      builder (>= 2.1.2)
      innertube (>= 1.0.2)
      joiner (>= 0.3.4)
      middleware (>= 0.1.0)
      riddle (~> 2.3)
    thor (1.1.0)
    thread_safe (0.3.6)
    thwait (0.2.0)
      e2mmap
    tilt (2.0.10)
    timelineJS-rails (1.1.5)
      jquery-rails
    ttfunk (1.7.0)
    turbolinks (5.2.1)
      turbolinks-source (~> 5.2)
    turbolinks-source (5.2.0)
    tzinfo (1.2.9)
      thread_safe (~> 0.1)
    uglifier (4.2.0)
      execjs (>= 0.3.0, < 3)
    unicode_utils (1.4.0)
    warden (1.2.9)
      rack (>= 2.0.9)
    web-console (4.1.0)
      actionview (>= 6.0.0)
      activemodel (>= 6.0.0)
      bindex (>= 0.4.0)
      railties (>= 6.0.0)
    webdrivers (4.6.1)
      nokogiri (~> 1.6)
      rubyzip (>= 1.3.0)
      selenium-webdriver (>= 3.0, < 4.0)
    webpacker (4.3.0)
      activesupport (>= 4.2)
      rack-proxy (>= 0.6.1)
      railties (>= 4.2)
    websocket-driver (0.7.5)
      websocket-extensions (>= 0.1.0)
    websocket-extensions (0.1.5)
    wicked (1.3.4)
      railties (>= 3.0.7)
    wicked_pdf (2.1.0)
      activesupport
    wkhtmltopdf-binary (0.12.4)
    xpath (3.2.0)
      nokogiri (~> 1.8)
    zeitwerk (2.4.2)

PLATFORMS
  x86_64-linux

DEPENDENCIES
  actiontext
  acts-as-taggable-on
  acts_as_list
  better_errors
  binding_of_caller
  bootsnap (>= 1.4.2)
  bootstrap-sass
  bootstrap-toggle-rails
  bootstrap_form (>= 4.0.0)
  builder
  by_star!
  byebug
  capybara (>= 2.15, < 4.0)
  chartkick
  coffee-rails (~> 4.2)
  country_select (~> 6.0)
  datagrid
  devise (~> 4.7.1)
  dotenv
  dotenv-rails
  font-awesome-rails
  font-awesome-sass (~> 5.5.0)
  geckodriver-helper
  gepub
  guard
  guard-minitest
  guard-rails
  heavens_door
  image_processing (~> 1.2)
  jbuilder (~> 2.7)
  jdbc-mysql (~> 5.1.35)
  jquery-rails
  jquery-ui-rails
  kaminari (~> 1.2.1)
  launchy
  listen (>= 3.0.5, < 3.2)
  mini_magick (~> 4.9.4)
  mini_portile2 (~> 2.4.0)
  minitest
  minitest-rails
  minitest-rails-capybara
  mocha
  mysql2 (>= 0.4.4)
  namey
  nokogiri (>= 1.11.4)
  pagy
  pdf-reader
  popper_js
  pry
  puma (~> 4.3.8)
  rack (>= 2.2.3)
  rails (~> 6.0.3, >= 6.0.3.2)
  rails-bootstrap-tabs (~> 0.2.2)
  rails-controller-testing
  rails_best_practices
  rails_sortable
  ranked-model
  react-rails
  rexml
  rolify
  sass-rails (>= 6)
  selenium-webdriver
  sidekiq (~> 6.1.1)
  sidekiq-client-cli
  sidekiq-scheduler
  simple_form
  simplecov
  spring
  spring-watcher-listen (~> 2.0.0)
  thinking-sphinx (~> 5.3)
  timelineJS-rails
  turbolinks (~> 5)
  tzinfo-data
  uglifier (>= 1.3.0)
  web-console (>= 3.3.0)
  webdrivers
  webpacker (~> 4.0)
  wicked
  wicked_pdf
  wkhtmltopdf-binary (= 0.12.4)
  words_counted!

RUBY VERSION
   ruby 3.0.2p107

BUNDLED WITH
   2.2.22
